GEM
  remote: http://rubygems.org/
  remote: http://gems.github.com/
  specs:
    RedCloth (4.2.8)
    aasm (2.2.1)
    actionmailer (2.3.17)
      actionpack (= 2.3.17)
    actionpack (2.3.17)
      activesupport (= 2.3.17)
      rack (~> 1.1.0)
    activerecord (2.3.17)
      activesupport (= 2.3.17)
    activeresource (2.3.17)
      activesupport (= 2.3.17)
    activesupport (2.3.17)
    acts_as_list (0.1.9)
    bcrypt-ruby (2.1.4)
    cgi_multipart_eof_fix (2.5.0)
    columnize (0.3.6)
    daemons (1.1.9)
    fastthread (1.0.7)
    gem_plugin (0.2.3)
    highline (1.5.2)
    htmlentities (4.3.1)
    httpclient (2.3.3)
    i18n (0.6.1)
    linecache (0.46)
      rbx-require-relative (> 0.0.4)
    mail (2.5.3)
      i18n (>= 0.4.0)
      mime-types (~> 1.16)
      treetop (~> 1.4.8)
    mime-types (1.21)
    mongrel (1.1.5)
      cgi_multipart_eof_fix (>= 2.4)
      daemons (>= 1.0.3)
      fastthread (>= 1.0.1)
      gem_plugin (>= 0.2.3)
    mysql (2.9.1)
    nokogiri (1.4.7)
    pg (0.14.1)
    polyglot (0.3.3)
    rack (1.1.0)
    rails (2.3.17)
      actionmailer (= 2.3.17)
      actionpack (= 2.3.17)
      activerecord (= 2.3.17)
      activeresource (= 2.3.17)
      activesupport (= 2.3.17)
      rake (>= 0.8.3)
    rake (0.8.7)
    rbx-require-relative (0.0.9)
    ruby-debug (0.10.4)
      columnize (>= 0.1)
      ruby-debug-base (~> 0.10.4.0)
    ruby-debug-base (0.10.4)
      linecache (>= 0.3)
    ruby-openid (2.2.3)
    rubycas-client (2.2.1)
      activesupport
    rubyjedi-actionwebservice (2.3.5.20100714122544)
      actionpack (~> 2.3.0)
      activerecord (~> 2.3.0)
      activesupport (~> 2.3.0)
    sanitize (1.2.1)
      nokogiri (~> 1.4.1)
    soap4r (1.5.8)
      httpclient (>= 2.1.1)
    treetop (1.4.12)
      polyglot
      polyglot (>= 0.3.1)
    will_paginate (2.3.16)
    yard (0.8.5)

PLATFORMS
  ruby

DEPENDENCIES
  RedCloth (= 4.2.8)
  aasm (~> 2.2.0)
  acts_as_list (~> 0.1.4)
  bcrypt-ruby (~> 2.1.4)
  highline (~> 1.5.0)
  htmlentities (~> 4.3.0)
  mail
  mongrel
  mysql
  pg
  rack (= 1.1.0)
  rails (~> 2.3.16)
  rake (~> 0.8.7)
  ruby-debug
  ruby-openid
  rubycas-client (~> 2.2.1)
  rubyjedi-actionwebservice
  sanitize (~> 1.2.1)
  soap4r (~> 1.5.8)
  will_paginate (~> 2.3.15)
  yard
